GEM
  remote: https://rubygems.org/
  specs:
    aws-partitions (1.53.0)
    aws-sdk-core (3.13.0)
      aws-partitions (~> 1.0)
      aws-sigv4 (~> 1.0)
      jmespath (~> 1.0)
    aws-sdk-kms (1.3.0)
      aws-sdk-core (~> 3)
      aws-sigv4 (~> 1.0)
    aws-sdk-s3 (1.8.0)
      aws-sdk-core (~> 3)
      aws-sdk-kms (~> 1)
      aws-sigv4 (~> 1.0)
    aws-sigv4 (1.0.2)
    jmespath (1.3.1)
    pmap (1.1.1)

PLATFORMS
  ruby

DEPENDENCIES
  aws-sdk-s3
  pmap

BUNDLED WITH
   1.16.1
